GEM
  remote: https://rubygems.org/
  specs:
    haml (4.0.5)
      tilt
    httparty (0.12.0)
      json (~> 1.8)
      multi_xml (>= 0.5.2)
    httpclient (2.4.0)
    json (1.8.1)
    multi_xml (0.5.5)
    rack (1.5.2)
    rack-protection (1.5.3)
      rack
    rake (10.1.1)
    sinatra (1.4.5)
      rack (~> 1.4)
      rack-protection (~> 1.4)
      tilt (~> 1.3, >= 1.3.4)
    tilt (1.4.1)

PLATFORMS
  ruby

DEPENDENCIES
  haml
  httparty (~> 0.12.0)
  httpclient
  json
  rake (~> 10.1.1)
  sinatra (~> 1.4.4)
